GEM
  remote: https://rubygems.org/
  specs:
    byebug (11.1.3)
    rack (1.6.13)
    rack-protection (1.5.5)
      rack
    sinatra (1.4.6)
      rack (~> 1.4)
      rack-protection (~> 1.4)
      tilt (>= 1.3, < 3)
    tilt (2.2.0)

PLATFORMS
  arm64-darwin-21

DEPENDENCIES
  byebug
  sinatra (= 1.4.6)

BUNDLED WITH
   2.4.19
